PATH
  remote: .
  specs:
    dionysus-rb (0.1.0)
      activerecord (>= 5)
      activesupport (>= 3.2)
      concurrent-ruby
      dry-monitor
      file-based-healthcheck
      hermes-rb
      karafka (~> 2.0)
      sidekiq
      sidekiq-cron
      sigurd
      waterdrop (~> 2.0)

GEM
  remote: https://rubygems.org/
  specs:
    activemodel (7.0.0)
      activesupport (= 7.0.0)
    activerecord (7.0.0)
      activemodel (= 7.0.0)
      activesupport (= 7.0.0)
    activesupport (7.0.0)
      concurrent-ruby (~> 1.0, >= 1.0.2)
      i18n (>= 1.6, < 2)
      minitest (>= 5.1)
      tzinfo (~> 2.0)
    amq-protocol (2.3.2)
    ast (2.4.2)
    bunny (2.22.0)
      amq-protocol (~> 2.3, >= 2.3.1)
      sorted_set (~> 1, >= 1.0.2)
    byebug (11.1.3)
    carrot-top (0.0.7)
      json
    concurrent-ruby (1.1.10)
    connection_pool (2.2.5)
    crypt_keeper (2.3.0)
      activerecord (>= 4.2, <= 7)
      activesupport (>= 4.2, <= 7)
    ddtrace (1.2.0)
      debase-ruby_core_source (= 0.10.16)
      libddprof (~> 0.6.0.1.0)
      libddwaf (~> 1.3.0.2.0)
      msgpack
    debase-ruby_core_source (0.10.16)
    diff-lcs (1.4.4)
    dogstatsd-ruby (5.5.0)
    dry-configurable (1.0.1)
      dry-core (~> 1.0, < 2)
      zeitwerk (~> 2.6)
    dry-container (0.11.0)
      concurrent-ruby (~> 1.0)
    dry-core (1.0.0)
      concurrent-ruby (~> 1.0)
      zeitwerk (~> 2.6)
    dry-events (1.0.1)
      concurrent-ruby (~> 1.0)
      dry-core (~> 1.0, < 2)
    dry-inflector (1.0.0)
    dry-logic (1.5.0)
      concurrent-ruby (~> 1.0)
      dry-core (~> 1.0, < 2)
      zeitwerk (~> 2.6)
    dry-monitor (1.0.1)
      dry-configurable (~> 1.0, < 2)
      dry-core (~> 1.0, < 2)
      dry-events (~> 1.0, < 2)
    dry-struct (1.6.0)
      dry-core (~> 1.0, < 2)
      dry-types (>= 1.7, < 2)
      ice_nine (~> 0.11)
      zeitwerk (~> 2.6)
    dry-types (1.7.1)
      concurrent-ruby (~> 1.0)
      dry-core (~> 1.0)
      dry-inflector (~> 1.0)
      dry-logic (~> 1.4)
      zeitwerk (~> 2.6)
    et-orbi (1.2.7)
      tzinfo
    exponential-backoff (0.0.4)
    ffi (1.15.5)
    file-based-healthcheck (0.2.0)
      activesupport (>= 3.2)
    fugit (1.8.1)
      et-orbi (~> 1, >= 1.2.7)
      raabro (~> 1.4)
    globalid (1.2.1)
      activesupport (>= 6.1)
    hermes-rb (0.8.0)
      activerecord (>= 5)
      activesupport (>= 5)
      dry-container (~> 0)
      dry-struct (~> 1)
      hutch (~> 1.0)
      request_store (~> 1)
    hutch (1.2.0)
      activesupport (>= 4.2, < 8)
      bunny (>= 2.19, < 3.0)
      carrot-top (~> 0.0.7)
      multi_json (~> 1.15)
    i18n (1.12.0)
      concurrent-ruby (~> 1.0)
    ice_nine (0.11.2)
    json (2.6.2)
    karafka (2.2.7)
      karafka-core (>= 2.2.2, < 2.3.0)
      thor (>= 0.20)
      waterdrop (>= 2.6.6, < 3.0.0)
      zeitwerk (~> 2.3)
    karafka-core (2.2.2)
      concurrent-ruby (>= 1.1)
      karafka-rdkafka (>= 0.13.1, < 0.14.0)
    karafka-rdkafka (0.13.5)
      ffi (~> 1.15)
      mini_portile2 (~> 2.6)
      rake (> 12)
    libddprof (0.6.0.1.0)
    libddwaf (1.3.0.2.0)
      ffi (~> 1.0)
    mini_portile2 (2.8.4)
    minitest (5.16.3)
    msgpack (1.5.3)
    multi_json (1.15.0)
    parallel (1.22.1)
    parser (3.1.2.1)
      ast (~> 2.4.1)
    pg (1.3.5)
    raabro (1.4.0)
    rack (2.2.4)
    rainbow (3.1.1)
    rake (13.0.6)
    rbtree (0.4.6)
    redis (4.2.5)
    redis-namespace (1.8.2)
      redis (>= 3.0.4)
    redlock (1.2.2)
      redis (>= 3.0.0, < 5.0)
    regexp_parser (2.5.0)
    request_store (1.5.1)
      rack (>= 1.4)
    rexml (3.2.5)
    rspec (3.10.0)
      rspec-core (~> 3.10.0)
      rspec-expectations (~> 3.10.0)
      rspec-mocks (~> 3.10.0)
    rspec-core (3.10.1)
      rspec-support (~> 3.10.0)
    rspec-expectations (3.10.1)
      diff-lcs (>= 1.2.0, < 2.0)
      rspec-support (~> 3.10.0)
    rspec-mocks (3.10.2)
      diff-lcs (>= 1.2.0, < 2.0)
      rspec-support (~> 3.10.0)
    rspec-sidekiq (3.1.0)
      rspec-core (~> 3.0, >= 3.0.0)
      sidekiq (>= 2.4.0)
    rspec-support (3.10.2)
    rubocop (1.35.0)
      json (~> 2.3)
      parallel (~> 1.10)
      parser (>= 3.1.2.1)
      rainbow (>= 2.2.2, < 4.0)
      regexp_parser (>= 1.8, < 3.0)
      rexml (>= 3.2.5, < 4.0)
      rubocop-ast (>= 1.20.1, < 2.0)
      ruby-progressbar (~> 1.7)
      unicode-display_width (>= 1.4.0, < 3.0)
    rubocop-ast (1.21.0)
      parser (>= 3.1.1.0)
    rubocop-performance (1.14.3)
      rubocop (>= 1.7.0, < 2.0)
      rubocop-ast (>= 0.4.0)
    rubocop-rake (0.6.0)
      rubocop (~> 1.0)
    rubocop-rspec (2.12.1)
      rubocop (~> 1.31)
    ruby-progressbar (1.11.0)
    sentry-ruby (5.4.1)
      concurrent-ruby (~> 1.0, >= 1.0.2)
    set (1.0.3)
    shoulda-matchers (5.2.0)
      activesupport (>= 5.2.0)
    sidekiq (6.5.1)
      connection_pool (>= 2.2.2)
      rack (~> 2.0)
      redis (>= 4.2.0)
    sidekiq-cron (1.10.1)
      fugit (~> 1.8)
      globalid (>= 1.0.1)
      sidekiq (>= 6)
    sigurd (0.1.0)
      concurrent-ruby (~> 1)
      exponential-backoff
    sorted_set (1.0.3)
      rbtree
      set (~> 1.0)
    thor (1.2.2)
    timecop (0.9.5)
    tzinfo (2.0.5)
      concurrent-ruby (~> 1.0)
    unicode-display_width (2.2.0)
    waterdrop (2.6.7)
      karafka-core (>= 2.1.1, < 3.0.0)
      zeitwerk (~> 2.3)
    zeitwerk (2.6.12)

PLATFORMS
  ruby

DEPENDENCIES
  activerecord (= 7.0.0)
  bundler
  byebug
  crypt_keeper
  ddtrace
  dionysus-rb!
  dogstatsd-ruby
  pg
  rake (~> 13.0)
  redis
  redis-namespace
  redlock
  rspec (~> 3.0)
  rspec-sidekiq
  rubocop
  rubocop-performance
  rubocop-rake
  rubocop-rspec
  sentry-ruby
  shoulda-matchers
  timecop

BUNDLED WITH
   2.4.14
